PATH
  remote: .
  specs:
    ruby-perlin-2D-map-generator (0.0.2)
      perlin (~> 0.2.2)
      tty-option (~> 0.3.0)

GEM
  remote: https://rubygems.org/
  specs:
    docile (1.4.0)
    minitest (5.18.1)
    mocha (2.0.4)
      ruby2_keywords (>= 0.0.5)
    perlin (0.2.2)
    rake (13.0.6)
    ruby2_keywords (0.0.5)
    simplecov (0.22.0)
      docile (~> 1.1)
      simplecov-html (~> 0.11)
      simplecov_json_formatter (~> 0.1)
    simplecov-html (0.12.3)
    simplecov_json_formatter (0.1.4)
    tty-option (0.3.0)

PLATFORMS
  x86_64-darwin-21

DEPENDENCIES
  minitest (~> 5.18)
  mocha (~> 2.0.4)
  rake (~> 13.0.6)
  ruby-perlin-2D-map-generator!
  simplecov (~> 0.22.0)

BUNDLED WITH
   2.2.3
